GEM
  remote: http://rubygems.org/
  specs:
    archive-tar-minitar (0.5.2)
    columnize (0.3.6)
    configurability (1.0.8)
    gosu (0.7.41)
    gosu (0.7.41-x86-mingw32)
    linecache19 (0.5.12)
      ruby_core_source (>= 0.1.4)
    ocra (1.3.0)
    rake (0.9.2.2)
    relapse (0.1.0)
      ocra (~> 1.3.0)
      rake
    require_all (1.2.1)
    ruby-debug-base19 (0.11.25)
      columnize (>= 0.3.1)
      linecache19 (>= 0.5.11)
      ruby_core_source (>= 0.1.4)
    ruby-debug19 (0.11.6)
      columnize (>= 0.3.1)
      linecache19 (>= 0.5.11)
      ruby-debug-base19 (>= 0.11.19)
    ruby_core_source (0.1.5)
      archive-tar-minitar (>= 0.5.2)

PLATFORMS
  ruby
  x86-mingw32

DEPENDENCIES
  configurability
  gosu (~> 0.7.40)
  rake
  relapse
  require_all
  ruby-debug19
